GEM
  remote: https://rubygems.org/
  specs:
    diff-lcs (1.2.4)
    given_core (3.1.1)
      sorcerer (>= 0.3.7)
    rspec (2.14.1)
      rspec-core (~> 2.14.0)
      rspec-expectations (~> 2.14.0)
      rspec-mocks (~> 2.14.0)
    rspec-core (2.14.5)
    rspec-expectations (2.14.2)
      diff-lcs (>= 1.1.3, < 2.0)
    rspec-given (3.1.1)
      given_core (= 3.1.1)
      rspec (>= 2.12)
    rspec-mocks (2.14.3)
    sorcerer (1.0.2)

PLATFORMS
  ruby

DEPENDENCIES
  rspec-given
